GEM
  remote: http://rubygems.org/
  specs:
    RubyInline (3.8.4)
      ZenTest
    ZenTest (4.3.3)
    activerecord (2.3.8)
      activesupport (= 2.3.8)
    activesupport (2.3.8)
    addressable (2.1.2)
    aws (2.3.13)
      http_connection
      uuidtools
      xml-simple
    aws-s3 (0.6.2)
      builder
      mime-types
      xml-simple
    bson (1.0.4)
    bson_ext (1.0.4)
    builder (2.1.2)
    cucumber (0.8.5)
      builder (~> 2.1.2)
      diff-lcs (~> 1.1.2)
      gherkin (~> 2.1.4)
      json_pure (~> 1.4.3)
      term-ansicolor (~> 1.0.4)
    data_objects (0.10.2)
      addressable (~> 2.1)
    diff-lcs (1.1.2)
    dm-core (1.0.0)
      addressable (~> 2.1)
      extlib (~> 0.9.15)
    dm-do-adapter (1.0.0)
      data_objects (~> 0.10.1)
      dm-core (~> 1.0.0)
    dm-migrations (1.0.0)
      dm-core (~> 1.0.0)
    dm-sqlite-adapter (1.0.0)
      dm-do-adapter (~> 1.0.0)
      do_sqlite3 (~> 0.10.2)
    dm-validations (1.0.0)
      dm-core (~> 1.0.0)
    do_sqlite3 (0.10.2)
      data_objects (= 0.10.2)
    durran-validatable (2.0.1)
    extlib (0.9.15)
    gherkin (2.1.5)
      trollop (~> 1.16.2)
    http_connection (1.3.0)
    image_science (1.2.1)
    json (1.4.3)
    json_pure (1.4.3)
    mime-types (1.16)
    mini_magick (1.3.1)
      subexec (~> 0.0.4)
    mongo (1.0.5)
      bson (>= 1.0.4)
    mongoid (1.9.1)
      activesupport (<= 3.0.0)
      bson (~> 1.0.1)
      durran-validatable (>= 2.0.1)
      mongo (~> 1.0.1)
      will_paginate (< 2.9)
    rmagick (2.13.1)
    rspec (1.3.0)
    sequel (3.13.0)
    sqlite3-ruby (1.3.1)
    subexec (0.0.4)
    term-ansicolor (1.0.5)
    timecop (0.3.5)
    trollop (1.16.2)
    uuidtools (2.1.1)
    will_paginate (2.3.14)
    xml-simple (1.0.12)

PLATFORMS
  ruby

DEPENDENCIES
  RubyInline
  activerecord (~> 2.3.8)
  activesupport (~> 2.3.8)
  aws
  aws-s3
  bson_ext
  cucumber
  dm-core
  dm-migrations
  dm-sqlite-adapter
  dm-validations
  image_science
  json
  mini_magick
  mongoid (~> 1.9.1)
  rmagick
  rspec
  sequel
  sqlite3-ruby
  timecop
